GEM
  remote: https://rubygems.org/
  specs:
    coderay (1.1.1)
    equatable (0.5.0)
    fastercsv (1.5.5)
    method_source (0.8.2)
    necromancer (0.3.0)
    pastel (0.7.1)
      equatable (~> 0.5.0)
      tty-color (~> 0.4.0)
    pry (0.10.3)
      coderay (~> 1.1.0)
      method_source (~> 0.8.1)
      slop (~> 3.4)
    slop (3.6.0)
    thor (0.19.1)
    tty-color (0.4.1)
    tty-cursor (0.3.0)
    tty-prompt (0.10.0)
      necromancer (~> 0.3.0)
      pastel (~> 0.7.0)
      tty-cursor (~> 0.3.0)
      wisper (~> 1.6.1)
    tty-screen (0.5.0)
    tty-table (0.7.0)
      equatable (~> 0.5.0)
      necromancer (~> 0.3.0)
      pastel (~> 0.7.0)
      tty-screen (~> 0.5.0)
      unicode-display_width (~> 1.1.0)
      verse (~> 0.5.0)
    unicode-display_width (1.1.3)
    unicode_utils (1.4.0)
    verse (0.5.0)
      unicode-display_width (~> 1.1.0)
      unicode_utils (~> 1.4.0)
    wisper (1.6.1)

PLATFORMS
  ruby

DEPENDENCIES
  fastercsv
  pry
  thor
  tty-prompt
  tty-table

BUNDLED WITH
   1.14.3
